GEM
  remote: https://rubygems.org/
  specs:
    bindata (1.6.0)
    capistrano (2.15.5)
      highline
      net-scp (>= 1.0.0)
      net-sftp (>= 2.0.0)
      net-ssh (>= 2.0.14)
      net-ssh-gateway (>= 1.1.0)
    capistrano-ext (1.2.1)
      capistrano (>= 1.0.0)
    eventmachine (1.0.3)
    highline (1.6.19)
    net-scp (1.1.2)
      net-ssh (>= 2.6.5)
    net-sftp (2.1.2)
      net-ssh (>= 2.6.5)
    net-ssh (2.7.0)
    net-ssh-gateway (1.2.0)
      net-ssh (>= 2.6.5)
    pg (0.17.0)
    rvm-capistrano (1.5.0)
      capistrano (>= 2.15.4)

PLATFORMS
  ruby

DEPENDENCIES
  bindata
  capistrano
  capistrano-ext
  eventmachine
  pg (>= 0.11.0)
  rvm-capistrano
